GEM
  remote: http://rubygems.org/
  specs:
    blankslate (3.1.3)
    called_from (0.1.0)
    cantor (1.2.1)
    diff-lcs (1.2.5)
    docile (1.1.5)
    multi_json (1.10.1)
    rake (10.3.2)
    rcov (0.9.11)
    redcarpet (3.5.1)
    rspec (3.0.0)
      rspec-core (~> 3.0.0)
      rspec-expectations (~> 3.0.0)
      rspec-mocks (~> 3.0.0)
    rspec-collection_matchers (1.0.0)
      rspec-expectations (>= 2.99.0.beta1)
    rspec-core (3.0.2)
      rspec-support (~> 3.0.0)
    rspec-expectations (3.0.2)
      diff-lcs (>= 1.2.0, < 2.0)
      rspec-support (~> 3.0.0)
    rspec-mocks (3.0.2)
      rspec-support (~> 3.0.0)
    rspec-support (3.0.2)
    simplecov (0.8.2)
      docile (~> 1.1.0)
      multi_json
      simplecov-html (~> 0.8.0)
    simplecov-html (0.8.0)
    term-ansicolor (1.3.0)
      tins (~> 1.0)
    tins (1.3.0)
    yard (0.8.7.4)

PLATFORMS
  ruby

DEPENDENCIES
  blankslate
  called_from
  cantor (~> 1.2.1)
  rake
  rcov (~> 0.9.9)
  redcarpet (~> 3.5.1)
  rspec (= 3.0.0)
  rspec-collection_matchers
  simplecov
  term-ansicolor
  yard (~> 0.8.7)
